PATH
  remote: .
  specs:
    knife-ec2 (0.5.11)
      fog (~> 1.1.2)

GEM
  remote: http://rubygems.org/
  specs:
    builder (3.0.0)
    excon (0.9.4)
    fog (1.1.2)
      builder
      excon (~> 0.9.0)
      formatador (~> 0.2.0)
      mime-types
      multi_json (~> 1.0.3)
      net-scp (~> 1.0.4)
      net-ssh (>= 2.1.3)
      nokogiri (~> 1.5.0)
      ruby-hmac
    formatador (0.2.1)
    mime-types (1.16)
    multi_json (1.0.3)
    net-scp (1.0.4)
      net-ssh (>= 1.99.1)
    net-ssh (2.2.1)
    nokogiri (1.5.0)
    ruby-hmac (0.4.0)

PLATFORMS
  ruby

DEPENDENCIES
  knife-ec2!
